PATH
  remote: .
  specs:
    mix_set (0.0.1)
      colorize
      faraday (~> 0.9.0)
      faraday (~> 0.9.0)
      open4 (>= 1.0.1)

GEM
  remote: https://rubygems.org/
  specs:
    atk (2.1.0)
      glib2 (= 2.1.0)
    cairo (1.12.8)
      pkg-config
    colorize (0.6.0)
    diff-lcs (1.2.5)
    faraday (0.9.0)
      multipart-post (>= 1.2, < 3)
    gdk_pixbuf2 (2.1.0)
      glib2 (= 2.1.0)
    glib2 (2.1.0)
      pkg-config
    green_shoes (1.1.374)
      gtk2
    gtk2 (2.1.0)
      atk (= 2.1.0)
      gdk_pixbuf2 (= 2.1.0)
      pango (= 2.1.0)
    multipart-post (2.0.0)
    open4 (1.3.0)
    pango (2.1.0)
      cairo (>= 1.12.5)
      glib2 (= 2.1.0)
    pkg-config (1.1.5)
    rspec (2.14.1)
      rspec-core (~> 2.14.0)
      rspec-expectations (~> 2.14.0)
      rspec-mocks (~> 2.14.0)
    rspec-core (2.14.7)
    rspec-expectations (2.14.5)
      diff-lcs (>= 1.1.3, < 2.0)
    rspec-mocks (2.14.5)

PLATFORMS
  ruby

DEPENDENCIES
  bundler (~> 1.0)
  green_shoes
  gtk2
  mix_set!
  rspec
